GEM
  remote: https://rubygems.org/
  specs:
    backports (3.15.0)
    coderay (1.1.1)
    json (2.1.0)
    method_source (0.8.2)
    multi_json (1.14.1)
    mustermann (1.1.1)
      ruby2_keywords (~> 0.0.1)
    pry (0.10.4)
      coderay (~> 1.1.0)
      method_source (~> 0.8.1)
      slop (~> 3.4)
    rack (2.0.8)
    rack-protection (2.0.8.1)
      rack
    ruby2_keywords (0.0.1)
    sinatra (2.0.8.1)
      mustermann (~> 1.0)
      rack (~> 2.0)
      rack-protection (= 2.0.8.1)
      tilt (~> 2.0)
    sinatra-contrib (2.0.8.1)
      backports (>= 2.8.2)
      multi_json
      mustermann (~> 1.0)
      rack-protection (= 2.0.8.1)
      sinatra (= 2.0.8.1)
      tilt (~> 2.0)
    slop (3.6.0)
    tilt (2.0.10)

PLATFORMS
  ruby

DEPENDENCIES
  json (= 2.1.0)
  pry
  sinatra (~> 2.0)
  sinatra-contrib

BUNDLED WITH
   1.14.6
